PATH
  remote: .
  specs:
    marnen-catarse_mailchimp (0.0.1.pre.2ed4f3931dfa292e5c1c62619772f04e41c68629)
      mailchimp
      supermodel

GEM
  remote: http://rubygems.org/
  specs:
    activemodel (3.0.20)
      activesupport (= 3.0.20)
      builder (~> 2.1.2)
      i18n (~> 0.5.0)
    activesupport (3.0.20)
    builder (2.1.2)
    diff-lcs (1.1.3)
    httparty (0.13.1)
      json (~> 1.8)
      multi_xml (>= 0.5.2)
    i18n (0.5.4)
    json (1.8.1)
    mailchimp (0.0.9)
      httparty
    metaclass (0.0.1)
    mocha (0.11.4)
      metaclass (~> 0.0.1)
    multi_xml (0.5.5)
    rspec (2.10.0)
      rspec-core (~> 2.10.0)
      rspec-expectations (~> 2.10.0)
      rspec-mocks (~> 2.10.0)
    rspec-core (2.10.1)
    rspec-expectations (2.10.0)
      diff-lcs (~> 1.1.3)
    rspec-mocks (2.10.1)
    supermodel (0.1.6)
      activemodel (~> 3.0.0)

PLATFORMS
  ruby

DEPENDENCIES
  marnen-catarse_mailchimp!
  mocha
  rspec
